GIT
  remote: https://github.com/amazedkoumei/am-motion-parts.git
  revision: 3a0bab94fed1a8439d88ff99ad38ea379129f955
  submodules: true
  specs:
    am-motion-parts (0.0.1)

GEM
  remote: https://rubygems.org/
  specs:
    bubble-wrap (1.1.5)
    motion-testflight (1.4)

PLATFORMS
  ruby

DEPENDENCIES
  am-motion-parts!
  bubble-wrap
  motion-testflight
