GIT
  remote: https://github.com/amazedkoumei/am-motion-parts.git
  revision: e2cc7b96db6b40e11aad12faea32bd8671d0718d
  submodules: true
  specs:
    am-motion-parts (0.0.1)

GEM
  remote: https://rubygems.org/
  specs:
    bubble-wrap (1.1.5)
    motion-testflight (1.4)

PLATFORMS
  ruby

DEPENDENCIES
  am-motion-parts!
  bubble-wrap
  motion-testflight
