GIT
  remote: https://github.com/amazedkoumei/am-motion-parts.git
  revision: 6111678f5cb4f5bb18638d447c3ea01be59f2af3
  submodules: true
  specs:
    am-motion-parts (0.0.1)

GEM
  remote: https://rubygems.org/
  specs:
    bubble-wrap (1.1.5)
    motion-testflight (1.4)

PLATFORMS
  ruby

DEPENDENCIES
  am-motion-parts!
  bubble-wrap
  motion-testflight
