GIT
  remote: https://github.com/amazedkoumei/am-motion-parts.git
  revision: 78f504f390502faae9fb6a5770458cba85d646f6
  submodules: true
  specs:
    am-motion-parts (0.0.1)

GEM
  remote: https://rubygems.org/
  specs:
    bubble-wrap (1.1.5)
    motion-testflight (1.4)

PLATFORMS
  ruby

DEPENDENCIES
  am-motion-parts!
  bubble-wrap
  motion-testflight
