GIT
  remote: https://github.com/amazedkoumei/am-motion-parts.git
  revision: 3c7c316ed1926951c6171c28853d771a797b1a7f
  submodules: true
  specs:
    am-motion-parts (0.0.1)

GEM
  remote: https://rubygems.org/
  specs:
    activesupport (3.2.14)
      i18n (~> 0.6, >= 0.6.4)
      multi_json (~> 1.0)
    bubble-wrap (1.3.0)
    claide (0.3.2)
    cocoapods (0.23.0)
      activesupport (~> 3.2.13)
      claide (~> 0.3.2)
      cocoapods-core (= 0.23.0)
      cocoapods-downloader (~> 0.1.2)
      colored (~> 1.2)
      escape (~> 0.0.4)
      json (~> 1.8.0)
      open4 (~> 1.3.0)
      xcodeproj (~> 0.9.0)
    cocoapods-core (0.23.0)
      activesupport (~> 3.2.13)
      json (~> 1.8.0)
      nap (~> 0.5.1)
    cocoapods-downloader (0.1.2)
    colored (1.2)
    escape (0.0.4)
    i18n (0.6.5)
    json (1.8.0)
    motion-cocoapods (1.3.6)
      cocoapods (>= 0.17.0)
    motion-testflight (1.5)
    multi_json (1.7.9)
    nap (0.5.1)
    open4 (1.3.0)
    xcodeproj (0.9.0)
      activesupport (~> 3.2.13)
      colored (~> 1.2)

PLATFORMS
  ruby

DEPENDENCIES
  am-motion-parts!
  bubble-wrap
  motion-cocoapods
  motion-testflight
