GIT
  remote: https://github.com/amazedkoumei/am-motion-parts.git
  revision: 50b70e507a5d951d211c41e0345124bd2cbd8571
  submodules: true
  specs:
    am-motion-parts (0.0.1)

GEM
  remote: https://rubygems.org/
  specs:
    bubble-wrap (1.1.5)
    motion-testflight (1.4)

PLATFORMS
  ruby

DEPENDENCIES
  am-motion-parts!
  bubble-wrap
  motion-testflight
