GIT
  remote: https://github.com/amazedkoumei/am-motion-parts.git
  revision: 61b67cb5091cf8a4d0fab306f7b7b48d35083829
  submodules: true
  specs:
    am-motion-parts (0.0.1)

GEM
  remote: https://rubygems.org/
  specs:
    bubble-wrap (1.1.5)
    motion-testflight (1.4)

PLATFORMS
  ruby

DEPENDENCIES
  am-motion-parts!
  bubble-wrap
  motion-testflight
