GIT
  remote: https://github.com/amazedkoumei/am-motion-parts.git
  revision: 696e7f1c7677f9f767631545c1e50592b8e76657
  submodules: true
  specs:
    am-motion-parts (0.0.1)

GEM
  remote: https://rubygems.org/
  specs:
    bubble-wrap (1.1.5)
    motion-testflight (1.4)

PLATFORMS
  ruby

DEPENDENCIES
  am-motion-parts!
  bubble-wrap
  motion-testflight
